GIT
  remote: https://github.com/everypolitician/everypoliticianbot
  revision: 736835a753e2f0b88fe51ff186d4831ee5b56797
  branch: master
  specs:
    everypoliticianbot (0.1.0)
      git (~> 1.2)
      octokit (~> 4.1)

GEM
  remote: https://rubygems.org/
  specs:
    addressable (2.3.8)
    concurrent-ruby (1.0.0)
    connection_pool (2.2.0)
    dotenv (2.0.2)
    faraday (0.9.2)
      multipart-post (>= 1.2, < 3)
    git (1.2.9.1)
    json (1.8.3)
    multipart-post (2.0.0)
    octokit (4.2.0)
      sawyer (~> 0.6.0, >= 0.5.3)
    puma (2.15.3)
    rack (1.6.4)
    redis (3.2.2)
    sawyer (0.6.0)
      addressable (~> 2.3.5)
      faraday (~> 0.8, < 0.10)
    sidekiq (4.0.1)
      concurrent-ruby (~> 1.0)
      connection_pool (~> 2.2, >= 2.2.0)
      json (~> 1.0)
      redis (~> 3.2, >= 3.2.1)
    thor (0.19.1)
    webhook_handler (0.4.0)
      rack (>= 1, < 2)
      sidekiq (>= 3, < 5)
      thor

PLATFORMS
  ruby

DEPENDENCIES
  dotenv
  everypoliticianbot!
  puma
  webhook_handler (~> 0.4.0)

BUNDLED WITH
   1.10.6
